PATH
  remote: .
  specs:
    dartsass (1.49.8)

GEM
  remote: https://rubygems.org/
  specs:
    rake (13.0.6)

PLATFORMS
  x86_64-darwin-20

DEPENDENCIES
  dartsass!
  rake (~> 13.0)

BUNDLED WITH
   2.2.24
